GIT
  remote: https://github.com/korczis/geocoder.git
  revision: 9f8ef86d90402cdd92443675e3f29241907b6f17
  specs:
    Geocoder-US (2.0.4)
      sqlite3-ruby (~> 1.3.1)

GEM
  remote: https://rubygems.org/
  specs:
    activesupport (4.2.1)
      i18n (~> 0.7)
      json (~> 1.7, >= 1.7.7)
      minitest (~> 5.1)
      thread_safe (~> 0.3, >= 0.3.4)
      tzinfo (~> 1.1)
    bluecloth (2.2.0)
    choice (0.2.0)
    chronic (0.10.2)
    haml (4.0.6)
      tilt
    hpricot (0.8.6)
    htmlentities (4.3.3)
    i18n (0.7.0)
    json (1.8.3)
    levenshtein (0.2.2)
    minitest (5.7.0)
    net-geoip (0.07)
    pg (0.18.2)
    rack (1.6.1)
    rack-protection (1.5.3)
      rack
    sinatra (1.4.6)
      rack (~> 1.4)
      rack-protection (~> 1.4)
      tilt (>= 1.3, < 3)
    sqlite3 (1.3.10)
    sqlite3-ruby (1.3.3)
      sqlite3 (>= 1.3.3)
    text (1.3.1)
    thread_safe (0.3.5)
    tilt (2.0.1)
    tzinfo (1.2.2)
      thread_safe (~> 0.1)

PLATFORMS
  ruby

DEPENDENCIES
  Geocoder-US!
  activesupport
  bluecloth
  choice
  chronic
  haml
  hpricot
  htmlentities
  json
  levenshtein
  net-geoip
  pg
  sinatra
  text

BUNDLED WITH
   1.10.3
